PATH
  remote: .
  specs:
    animate_presenter_plugin (0.0.1)

GEM
  remote: https://rubygems.org/
  specs:
    rake (12.3.3)

PLATFORMS
  ruby

DEPENDENCIES
  animate_presenter_plugin!
  bundler (~> 1.16)
  rake (~> 12.3)

BUNDLED WITH
   1.16.1
