PATH
  remote: .
  specs:
    animate_presenter_plugin (0.0.1)

GEM
  remote: https://rubygems.org/
  specs:
    rake (13.0.3)

PLATFORMS
  ruby

DEPENDENCIES
  animate_presenter_plugin!
  bundler (~> 2.0)
  rake (~> 13.0)

BUNDLED WITH
   1.16.1
