PATH
  remote: .
  specs:
    animate_presenter_plugin (0.0.1)

GEM
  remote: https://rubygems.org/
  specs:
    rake (13.0.3)

PLATFORMS
  x86_64-darwin-20
  x86_64-linux

DEPENDENCIES
  animate_presenter_plugin!
  bundler (~> 2.0)
  rake (>= 12.3.3)

BUNDLED WITH
   2.2.20
