PATH
  remote: .
  specs:
    animate_presenter_plugin (0.0.1)

GEM
  remote: https://rubygems.org/
  specs:
    rake (13.0.6)

PLATFORMS
  x86_64-darwin-20
  x86_64-linux

DEPENDENCIES
  animate_presenter_plugin!
  bundler (~> 2.0)
  rake (~> 13.0)

BUNDLED WITH
   2.2.20
